PATH
  remote: .
  specs:
    xcode_trash_remover (1.0.2)

GEM
  remote: https://rubygems.org/
  specs:
    rake (10.4.2)

PLATFORMS
  ruby

DEPENDENCIES
  bundler (~> 1.14)
  rake (~> 10.0)
  xcode_trash_remover!

BUNDLED WITH
   1.14.6
