PATH
  remote: .
  specs:
    xcode_trash_remover (2.0.2)
      filesize (~> 0.1.1)

GEM
  remote: https://rubygems.org/
  specs:
    filesize (0.1.1)
    rake (10.4.2)

PLATFORMS
  ruby

DEPENDENCIES
  bundler (~> 1.14)
  rake (~> 10.0)
  xcode_trash_remover!

BUNDLED WITH
   1.16.1
